GEM
  remote: https://rubygems.org/
  specs:
    childprocess (0.9.0)
      ffi (~> 1.0, >= 1.0.11)
    coderay (1.1.2)
    ffi (1.9.18)
    formatador (0.2.5)
    guard (2.14.1)
      formatador (>= 0.2.4)
      listen (>= 2.7, < 4.0)
      lumberjack (~> 1.0)
      nenv (~> 0.1)
      notiffany (~> 0.0)
      pry (>= 0.9.12)
      shellany (~> 0.0)
      thor (>= 0.18.1)
    guard-rake (1.0.0)
      guard
      rake
    iniparse (1.4.4)
    listen (3.1.5)
      rb-fsevent (~> 0.9, >= 0.9.4)
      rb-inotify (~> 0.9, >= 0.9.7)
      ruby_dep (~> 1.2)
    lumberjack (1.0.12)
    method_source (0.9.0)
    nenv (0.3.0)
    notiffany (0.1.1)
      nenv (~> 0.1)
      shellany (~> 0.0)
    overcommit (0.45.0)
      childprocess (~> 0.6, >= 0.6.3)
      iniparse (~> 1.4)
    pry (0.11.2)
      coderay (~> 1.1.0)
      method_source (~> 0.9.0)
    rake (12.0.0)
    rb-fsevent (0.10.2)
    rb-inotify (0.9.10)
      ffi (>= 0.5.0, < 2)
    ruby_dep (1.5.0)
    sass (3.4.23)
    scss_lint (0.51.0)
      rake (>= 0.9, < 13)
      sass (~> 3.4.20)
    shellany (0.0.1)
    thor (0.20.0)

PLATFORMS
  ruby

DEPENDENCIES
  guard
  guard-rake
  overcommit
  sass (>= 3.4.22)
  scss_lint (~> 0.51.0)

BUNDLED WITH
   1.16.1
